PATH
  remote: .
  specs:
    git-dag (0.0.3)
      grit (~> 2.5.0)

GEM
  remote: http://rubygems.org/
  specs:
    diff-lcs (1.1.3)
    grit (2.5.0)
      diff-lcs (~> 1.1)
      mime-types (~> 1.15)
      posix-spawn (~> 0.3.6)
    mime-types (1.19)
    posix-spawn (0.3.6)

PLATFORMS
  ruby

DEPENDENCIES
  git-dag!
